PATH
  remote: .
  specs:
    bunny_carrot (0.0.2)
      bunny (~> 0.10, >= 0.10.8)
      concurrent-ruby (~> 0.5)
      hamster (~> 0.4, >= 0.4.3)

GEM
  remote: https://rubygems.org/
  specs:
    amq-protocol (1.9.2)
    bunny (0.10.8)
      amq-protocol (>= 1.6.0)
    concurrent-ruby (0.5.0)
    diff-lcs (1.2.5)
    hamster (0.4.3)
    rake (10.2.2)
    rspec (2.14.1)
      rspec-core (~> 2.14.0)
      rspec-expectations (~> 2.14.0)
      rspec-mocks (~> 2.14.0)
    rspec-core (2.14.8)
    rspec-expectations (2.14.5)
      diff-lcs (>= 1.1.3, < 2.0)
    rspec-mocks (2.14.6)

PLATFORMS
  ruby

DEPENDENCIES
  bundler (~> 1.5)
  bunny_carrot!
  rake (~> 10.2)
  rspec (~> 2.14)
